PATH
  remote: .
  specs:
    acquia_toolbelt (1.5.1)
      faraday (= 0.8.8)
      highline (= 1.6.19)
      json (= 1.8.0)
      netrc (= 0.7.7)
      rainbow (= 1.1.4)
      sshkey (= 1.6.0)
      thor (= 0.18.1)

GEM
  remote: https://rubygems.org/
  specs:
    faraday (0.8.8)
      multipart-post (~> 1.2.0)
    highline (1.6.19)
    json (1.8.0)
    minitest (5.0.8)
    multipart-post (1.2.0)
    netrc (0.7.7)
    rainbow (1.1.4)
    rake (10.1.0)
    sshkey (1.6.0)
    thor (0.18.1)

PLATFORMS
  ruby

DEPENDENCIES
  acquia_toolbelt!
  bundler (~> 1.3)
  minitest
  rake
