PATH
  remote: .
  specs:
    acquia_toolbelt (2.0.1)
      faraday (= 0.8.8)
      highline (= 1.6.19)
      json (= 1.8.0)
      multi_json (= 1.8.2)
      netrc (= 0.7.7)
      rainbow (= 1.1.4)
      sshkey (= 1.6.0)
      thor (= 0.18.1)

GEM
  remote: https://rubygems.org/
  specs:
    addressable (2.3.5)
    coveralls (0.7.0)
      multi_json (~> 1.3)
      rest-client
      simplecov (>= 0.7)
      term-ansicolor
      thor
    crack (0.4.1)
      safe_yaml (~> 0.9.0)
    diff-lcs (1.2.4)
    faraday (0.8.8)
      multipart-post (~> 1.2.0)
    highline (1.6.19)
    json (1.8.0)
    mime-types (2.0)
    multi_json (1.8.2)
    multipart-post (1.2.0)
    netrc (0.7.7)
    rainbow (1.1.4)
    rake (10.1.0)
    rest-client (1.6.7)
      mime-types (>= 1.16)
    rspec (2.14.1)
      rspec-core (~> 2.14.0)
      rspec-expectations (~> 2.14.0)
      rspec-mocks (~> 2.14.0)
    rspec-core (2.14.7)
    rspec-expectations (2.14.4)
      diff-lcs (>= 1.1.3, < 2.0)
    rspec-mocks (2.14.4)
    safe_yaml (0.9.7)
    simplecov (0.7.1)
      multi_json (~> 1.0)
      simplecov-html (~> 0.7.1)
    simplecov-html (0.7.1)
    sshkey (1.6.0)
    term-ansicolor (1.2.2)
      tins (~> 0.8)
    thor (0.18.1)
    tins (0.13.0)
    vcr (2.7.0)
    webmock (1.15.2)
      addressable (>= 2.2.7)
      crack (>= 0.3.2)

PLATFORMS
  ruby

DEPENDENCIES
  acquia_toolbelt!
  bundler (~> 1.3)
  coveralls (= 0.7.0)
  rake (= 10.1.0)
  rspec (= 2.14.1)
  vcr (= 2.7.0)
  webmock (= 1.15.2)
